PATH
  remote: .
  specs:
    sandstorm (0.1.0)
      activemodel (~> 3.2.17)

GEM
  remote: https://rubygems.org/
  specs:
    activemodel (3.2.17)
      activesupport (= 3.2.17)
      builder (~> 3.0.0)
    activesupport (3.2.17)
      i18n (~> 0.6, >= 0.6.4)
      multi_json (~> 1.0)
    builder (3.0.4)
    diff-lcs (1.2.5)
    docile (1.1.5)
    i18n (0.6.9)
    influxdb (0.1.8)
      json
    json (1.8.1)
    moneta (0.7.20)
    multi_json (1.10.1)
    rake (10.3.2)
    redis (3.1.0)
    rspec (3.0.0)
      rspec-core (~> 3.0.0)
      rspec-expectations (~> 3.0.0)
      rspec-mocks (~> 3.0.0)
    rspec-core (3.0.1)
      rspec-support (~> 3.0.0)
    rspec-expectations (3.0.1)
      diff-lcs (>= 1.2.0, < 2.0)
      rspec-support (~> 3.0.0)
    rspec-mocks (3.0.1)
      rspec-support (~> 3.0.0)
    rspec-support (3.0.0)
    simplecov (0.8.2)
      docile (~> 1.1.0)
      multi_json
      simplecov-html (~> 0.8.0)
    simplecov-html (0.8.0)
    timecop (0.6.1)

PLATFORMS
  ruby

DEPENDENCIES
  bundler (~> 1.3)
  influxdb
  moneta
  rake
  redis
  rspec (>= 3.0.0)
  sandstorm!
  simplecov
  timecop (= 0.6.1)
